PATH
  remote: .
  specs:
    rollout (2.0.0a)
      redis

GEM
  remote: http://rubygems.org/
  specs:
    addressable (2.8.1)
      public_suffix (>= 2.0.2, < 6.0)
    bourne (1.0)
      mocha (= 0.9.8)
    diff-lcs (1.1.3)
    git (1.12.0)
      addressable (~> 2.8)
      rchardet (~> 1.8)
    jeweler (1.6.4)
      bundler (~> 1.0)
      git (>= 1.2.5)
      rake
    mocha (0.9.8)
      rake
    public_suffix (5.0.0)
    rake (0.9.2.2)
    rchardet (1.8.0)
    redis (3.0.2)
    rspec (2.10.0)
      rspec-core (~> 2.10.0)
      rspec-expectations (~> 2.10.0)
      rspec-mocks (~> 2.10.0)
    rspec-core (2.10.1)
    rspec-expectations (2.10.0)
      diff-lcs (~> 1.1.3)
    rspec-mocks (2.10.1)

PLATFORMS
  ruby

DEPENDENCIES
  bourne (= 1.0)
  bundler (>= 1.0.0)
  jeweler (~> 1.6.4)
  mocha (= 0.9.8)
  rollout!
  rspec (~> 2.10.0)
